GIT
  remote: git://github.com/capistrano/sshkit.git
  revision: 5784b28d8778434c8f0037604e1d2e45ec97b541
  specs:
    sshkit (1.11.2)
      net-scp (>= 1.1.2)
      net-ssh (>= 2.8.0)

GEM
  remote: https://rubygems.org/
  specs:
    capistrano (3.4.0)
      i18n
      rake (>= 10.0.0)
      sshkit (~> 1.3)
    i18n (0.7.0)
    net-scp (1.2.1)
      net-ssh (>= 2.6.5)
    net-ssh (3.2.0)
    rake (10.4.2)

PLATFORMS
  ruby

DEPENDENCIES
  capistrano
  sshkit!

BUNDLED WITH
   1.10.6
